NUGET
  remote: https://www.nuget.org/api/v2
  specs:
    SQLProvider (1.0)
