NUGET
  remote: https://www.nuget.org/api/v2
  specs:
    FSharp.Data.SqlClient (1.8.1)
    SQLProvider (0.0.11-alpha)
