NUGET
  remote: https://www.nuget.org/api/v2
  specs:
    EntityFramework (6.1.3)
    SQLite.CodeFirst (1.2.0.12)
      EntityFramework (>= 6.1)
    System.Data.SQLite (1.0.101)
      System.Data.SQLite.Core (>= 1.0.101) - framework: net20, net40, net45, net451, >= net46
      System.Data.SQLite.EF6 (>= 1.0.101) - framework: net40, net45, net451, >= net46
      System.Data.SQLite.Linq (>= 1.0.101) - framework: net20, net40, net45, net451, >= net46
    System.Data.SQLite.Core (1.0.101)
    System.Data.SQLite.EF6 (1.0.101)
      EntityFramework (>= 6.0) - framework: net40, net45, net451, >= net46
    System.Data.SQLite.Linq (1.0.101)
